GEM
  remote: https://rubygems.org/
  specs:
    addressable (2.3.4)
    arr-pm (0.0.8)
      cabin (> 0)
    backports (2.6.2)
    cabin (0.6.0)
    clamp (0.6.0)
    facter (1.7.0)
    fpm (0.4.34)
      arr-pm (~> 0.0.8)
      backports (= 2.6.2)
      cabin (>= 0.6.0)
      clamp (= 0.6.0)
      ftw (~> 0.0.30)
      json (~> 1.7.7)
      open4
    fpm-cookery (0.13.0)
      facter
    ftw (0.0.30)
      addressable
      backports
      cabin (> 0)
      http_parser.rb (= 0.5.3)
      minitest (> 0)
    http_parser.rb (0.5.3)
    json (1.7.7)
    minitest (4.7.4)
    open4 (1.3.0)
    rake (10.0.4)

PLATFORMS
  ruby

DEPENDENCIES
  fpm
  fpm-cookery
  rake
