GEM
  remote: https://rubygems.org/
  specs:
    addressable (2.3.8)
    arr-pm (0.0.10)
      cabin (> 0)
    backports (3.11.3)
    cabin (0.9.0)
    childprocess (0.9.0)
      ffi (~> 1.0, >= 1.0.11)
    clamp (1.0.1)
    domain_name (0.5.20170404)
      unf (>= 0.0.5, < 1.0.0)
    dotenv (2.4.0)
    facter (2.5.1)
    ffi (1.9.25)
    fpm (1.10.0)
      arr-pm (~> 0.0.10)
      backports (>= 2.6.2)
      cabin (>= 0.6.0)
      childprocess
      clamp (~> 1.0.0)
      ffi
      json (>= 1.7.7, < 2.0)
      pleaserun (~> 0.0.29)
      ruby-xz (~> 0.2.3)
      stud
    fpm-cookery (0.33.0)
      addressable (~> 2.3.8)
      facter
      fpm (~> 1.1)
      json (>= 1.7.7, < 2.0)
      json_pure (>= 1.7.7, < 2.0)
      puppet (~> 3.4)
      safe_yaml (~> 1.0.4)
      systemu
    hiera (1.3.4)
      json_pure
    highline (1.6.20)
    http-cookie (1.0.3)
      domain_name (~> 0.5)
    insist (1.0.0)
    io-like (0.3.0)
    json (1.8.6)
    json_pure (1.8.1)
    mime-types (3.1)
      mime-types-data (~> 3.2015)
    mime-types-data (3.2016.0521)
    mustache (0.99.8)
    netrc (0.11.0)
    package_cloud (0.3.05)
      highline (= 1.6.20)
      json_pure (= 1.8.1)
      rainbow (= 2.2.2)
      rest-client (~> 2.0)
      thor (~> 0.18)
    pleaserun (0.0.30)
      cabin (> 0)
      clamp
      dotenv
      insist
      mustache (= 0.99.8)
      stud
    puppet (3.8.7)
      facter (> 1.6, < 3)
      hiera (~> 1.0)
      json_pure
    rainbow (2.2.2)
      rake
    rake (12.3.1)
    rest-client (2.0.2)
      http-cookie (>= 1.0.2, < 2.0)
      mime-types (>= 1.16, < 4.0)
      netrc (~> 0.8)
    ruby-xz (0.2.3)
      ffi (~> 1.9)
      io-like (~> 0.3)
    safe_yaml (1.0.4)
    stud (0.0.23)
    systemu (2.6.5)
    thor (0.20.0)
    unf (0.1.4)
      unf_ext
    unf_ext (0.0.7.5)

PLATFORMS
  ruby

DEPENDENCIES
  fpm-cookery
  package_cloud

BUNDLED WITH
   1.16.1
